GEM
  remote: https://rubygems.org/
  specs:
    activesupport (4.2.4)
      i18n (~> 0.7)
      json (~> 1.7, >= 1.7.7)
      minitest (~> 5.1)
      thread_safe (~> 0.3, >= 0.3.4)
      tzinfo (~> 1.1)
    bini (0.7.0)
      sys-proctable
    capistrano (3.4.0)
      i18n
      rake (>= 10.0.0)
      sshkit (~> 1.3)
    capistrano-bundler (1.1.4)
      capistrano (~> 3.1)
      sshkit (~> 1.2)
    capistrano-clockwork (0.0.5)
      capistrano (~> 3.1)
      daemons (~> 1.2)
    clockwork (1.2.0)
      activesupport
      tzinfo
    coderay (1.1.0)
    colorize (0.7.7)
    daemons (1.2.3)
    diff-lcs (1.2.5)
    httparty (0.11.0)
      multi_json (~> 1.0)
      multi_xml (>= 0.5.2)
    i18n (0.7.0)
    json (1.8.3)
    method_source (0.8.2)
    minitest (5.8.0)
    multi_json (1.11.2)
    multi_xml (0.5.5)
    net-scp (1.2.1)
      net-ssh (>= 2.6.5)
    net-ssh (2.9.2)
    newrelic_rpm (3.13.0.299)
    pry (0.10.1)
      coderay (~> 1.1.0)
      method_source (~> 0.8.1)
      slop (~> 3.4)
    pushover (1.0.4)
      bini (= 0.7.0)
      httparty (= 0.11.0)
      yajl-ruby (= 1.1.0)
    rack (1.6.4)
    rack-protection (1.5.3)
      rack
    rack-test (0.6.3)
      rack (>= 1.0)
    rake (10.4.2)
    rspec (3.3.0)
      rspec-core (~> 3.3.0)
      rspec-expectations (~> 3.3.0)
      rspec-mocks (~> 3.3.0)
    rspec-core (3.3.2)
      rspec-support (~> 3.3.0)
    rspec-expectations (3.3.1)
      diff-lcs (>= 1.2.0, < 2.0)
      rspec-support (~> 3.3.0)
    rspec-mocks (3.3.2)
      diff-lcs (>= 1.2.0, < 2.0)
      rspec-support (~> 3.3.0)
    rspec-support (3.3.0)
    sinatra (1.4.6)
      rack (~> 1.4)
      rack-protection (~> 1.4)
      tilt (>= 1.3, < 3)
    slop (3.6.0)
    sshkit (1.7.1)
      colorize (>= 0.7.0)
      net-scp (>= 1.1.2)
      net-ssh (>= 2.8.0)
    sys-proctable (0.9.8)
    thread_safe (0.3.5)
    tilt (2.0.1)
    tzinfo (1.2.2)
      thread_safe (~> 0.1)
    yajl-ruby (1.1.0)

PLATFORMS
  ruby

DEPENDENCIES
  activesupport
  capistrano
  capistrano-bundler
  capistrano-clockwork
  clockwork
  daemons
  newrelic_rpm
  pry
  pushover
  rack-test
  rspec
  sinatra

BUNDLED WITH
   1.10.6
